PATH
  remote: .
  specs:
    rack-blinkbox-zuul-tokens (0.0.1)
      rack
      sandal (~> 0.5, >= 0.5.1)

GEM
  remote: https://rubygems.org/
  remote: http://gems.mobcastdev.com/
  specs:
    builder (3.2.2)
    diff-lcs (1.2.4)
    multi_json (1.7.7)
    rack (1.5.2)
    rack-protection (1.5.0)
      rack
    rack-test (0.6.2)
      rack (>= 1.0)
    rspec (2.14.1)
      rspec-core (~> 2.14.0)
      rspec-expectations (~> 2.14.0)
      rspec-mocks (~> 2.14.0)
    rspec-core (2.14.4)
    rspec-expectations (2.14.0)
      diff-lcs (>= 1.1.3, < 2.0)
    rspec-mocks (2.14.1)
    sandal (0.5.1)
      multi_json (~> 1.7)
    sinatra (1.4.3)
      rack (~> 1.4)
      rack-protection (~> 1.4)
      tilt (~> 1.3, >= 1.3.4)
    tilt (1.4.1)
    yarjuf (1.0.5)
      builder
      rspec (>= 2.0)

PLATFORMS
  ruby
  x86-mingw32

DEPENDENCIES
  rack-blinkbox-zuul-tokens!
  rack-test
  rspec (~> 2.0)
  sinatra
  yarjuf
